GEM
  remote: http://rubygems.org/
  specs:
    atomic (1.0.1)

PLATFORMS
  ruby

DEPENDENCIES
  atomic
